GEM
  remote: https://rubygems.org/
  specs:
    equatable (0.5.0)
    mini_portile2 (2.3.0)
    mustermann (1.0.2)
    necromancer (0.4.0)
    nokogiri (1.8.2)
      mini_portile2 (~> 2.3.0)
    pastel (0.7.2)
      equatable (~> 0.5.0)
      tty-color (~> 0.4.0)
    rack (2.0.7)
    rack-protection (2.0.1)
      rack
    sinatra (2.0.1)
      mustermann (~> 1.0)
      rack (~> 2.0)
      rack-protection (= 2.0.1)
      tilt (~> 2.0)
    strings (0.1.1)
      unicode-display_width (~> 1.3.0)
      unicode_utils (~> 1.4.0)
    tilt (2.0.8)
    tty-color (0.4.2)
    tty-screen (0.6.4)
    tty-table (0.10.0)
      equatable (~> 0.5.0)
      necromancer (~> 0.4.0)
      pastel (~> 0.7.2)
      strings (~> 0.1.0)
      tty-screen (~> 0.6.4)
    unicode-display_width (1.3.0)
    unicode_utils (1.4.0)

PLATFORMS
  ruby

DEPENDENCIES
  nokogiri (>= 1.8.1)
  sinatra (>= 1.4.7)
  tty-table (~> 0.10.0)

BUNDLED WITH
   1.16.0
